GIT
  remote: https://github.com/haramako/fc.git
  revision: 54c8ab98de7e912cf40602f63c48d0b2b6641a65
  specs:
    fc (0.0.1)
      backports

GIT
  remote: https://github.com/haramako/r6502.git
  revision: c63d05c61e1f64f22d220e1200e5615a8f1807e2
  specs:
    r6502 (0.0.2)

GEM
  remote: https://rubygems.org/
  specs:
    backports (3.18.2)
    coderay (1.1.3)
    ffi (1.13.1)
    ffi (1.13.1-x64-mingw32)
    ffi (1.13.1-x86-mingw32)
    formatador (0.2.5)
    gd2-ffij (0.4.0)
      ffi (>= 1.0.0)
    guard (2.16.2)
      formatador (>= 0.2.4)
      listen (>= 2.7, < 4.0)
      lumberjack (>= 1.0.12, < 2.0)
      nenv (~> 0.1)
      notiffany (~> 0.0)
      pry (>= 0.9.12)
      shellany (~> 0.0)
      thor (>= 0.18.1)
    guard-rake (1.0.0)
      guard
      rake
    listen (3.3.0)
      rb-fsevent (~> 0.10, >= 0.10.3)
      rb-inotify (~> 0.9, >= 0.9.10)
    lumberjack (1.2.8)
    method_source (1.0.0)
    nenv (0.3.0)
    notiffany (0.1.3)
      nenv (~> 0.1)
      shellany (~> 0.0)
    pry (0.13.1)
      coderay (~> 1.1)
      method_source (~> 1.0)
    rake (13.0.1)
    rb-fsevent (0.10.4)
    rb-inotify (0.10.1)
      ffi (~> 1.0)
    shellany (0.0.1)
    thor (1.0.1)

PLATFORMS
  ruby
  x64-mingw32
  x86-mingw32

DEPENDENCIES
  fc!
  gd2-ffij
  guard
  guard-rake
  r6502!
  rake

BUNDLED WITH
   2.1.4
